GEM
  remote: https://rubygems.org/
  specs:
    zmq (2.1.4)

PLATFORMS
  ruby

DEPENDENCIES
  zmq
